GEM
  remote: https://rubygems.org/
  specs:
    rails (4.1.1)
      activerecord (= 4.1.1)

PLATFORMS
  ruby

DEPENDENCIES
  rails (= 4.1.1)